GIT
  remote: https://github.com/strongself/Generamba
  revision: 615354cce55d00de253bea93d6808665e785c4e8
  branch: develop
  specs:
    generamba (1.6.0)
      cocoapods-core (>= 1.4.0, < 2.0.0)
      git (= 1.2.9.1)
      liquid (= 4.0.0)
      terminal-table (= 1.4.5)
      thor (= 0.19.1)
      xcodeproj (>= 1.6.0, < 2.0.0)

GEM
  remote: https://rubygems.org/
  specs:
    CFPropertyList (3.0.5)
      rexml
    activesupport (6.1.4.4)
      concurrent-ruby (~> 1.0, >= 1.0.2)
      i18n (>= 1.6, < 2)
      minitest (>= 5.1)
      tzinfo (~> 2.0)
      zeitwerk (~> 2.3)
    addressable (2.8.0)
      public_suffix (>= 2.0.2, < 5.0)
    algoliasearch (1.27.5)
      httpclient (~> 2.8, >= 2.8.3)
      json (>= 1.5.1)
    atomos (0.1.3)
    claide (1.1.0)
    cocoapods-core (1.11.2)
      activesupport (>= 5.0, < 7)
      addressable (~> 2.8)
      algoliasearch (~> 1.0)
      concurrent-ruby (~> 1.1)
      fuzzy_match (~> 2.0.4)
      nap (~> 1.0)
      netrc (~> 0.11)
      public_suffix (~> 4.0)
      typhoeus (~> 1.0)
    colored2 (3.1.2)
    concurrent-ruby (1.1.9)
    ethon (0.15.0)
      ffi (>= 1.15.0)
    ffi (1.15.5)
    fuzzy_match (2.0.4)
    git (1.2.9.1)
    httpclient (2.8.3)
    i18n (1.9.1)
      concurrent-ruby (~> 1.0)
    json (2.6.1)
    liquid (4.0.0)
    minitest (5.15.0)
    nanaimo (0.3.0)
    nap (1.1.0)
    netrc (0.11.0)
    public_suffix (4.0.6)
    rexml (3.2.5)
    terminal-table (1.4.5)
    thor (0.19.1)
    typhoeus (1.4.0)
      ethon (>= 0.9.0)
    tzinfo (2.0.4)
      concurrent-ruby (~> 1.0)
    xcodeproj (1.21.0)
      CFPropertyList (>= 2.3.3, < 4.0)
      atomos (~> 0.1.3)
      claide (>= 1.0.2, < 2.0)
      colored2 (~> 3.1)
      nanaimo (~> 0.3.0)
      rexml (~> 3.2.4)
    zeitwerk (2.5.4)

PLATFORMS
  arm64-darwin-20

DEPENDENCIES
  generamba!
  xcodeproj

BUNDLED WITH
   2.2.27
